GIT
  remote: git://github.com/librariesio/gemnasium-parser.git
  revision: 63e0f14d6a36cf1d39e9959a3ab951911daaa466
  specs:
    gemnasium-parser (0.1.10)

GEM
  remote: https://rubygems.org/
  specs:
    kgio (2.10.0)
    minitest (5.8.1)
    oj (2.12.14)
    rack (1.6.4)
    rack-protection (1.5.3)
      rack
    rack-test (0.6.3)
      rack (>= 1.0)
    raindrops (0.15.0)
    sinatra (1.4.6)
      rack (~> 1.4)
      rack-protection (~> 1.4)
      tilt (>= 1.3, < 3)
    tilt (2.0.1)
    unicorn (4.9.0)
      kgio (~> 2.6)
      rack
      raindrops (~> 0.7)

PLATFORMS
  ruby

DEPENDENCIES
  bundler
  gemnasium-parser!
  minitest
  oj
  rack-test
  sinatra
  unicorn

BUNDLED WITH
   1.10.6
