GIT
  remote: git://github.com/enilsen16/gemnasium-parser.git
  revision: 63e0f14d6a36cf1d39e9959a3ab951911daaa466
  specs:
    gemnasium-parser (0.1.10)

GEM
  remote: https://rubygems.org/
  specs:
    bond (0.5.1)
    kgio (2.9.3)
    oj (2.12.7)
    rack (1.6.1)
    rack-protection (1.5.3)
      rack
    rack-test (0.6.3)
      rack (>= 1.0)
    raindrops (0.13.0)
    ripl (0.7.1)
      bond (~> 0.5.1)
    ripl-multi_line (0.3.1)
      ripl (>= 0.3.6)
    ripl-rack (0.2.1)
      rack (>= 1.0)
      rack-test (~> 0.6.2)
      ripl (>= 0.7.0)
    sinatra (1.4.6)
      rack (~> 1.4)
      rack-protection (~> 1.4)
      tilt (>= 1.3, < 3)
    tilt (2.0.1)
    tux (0.3.0)
      ripl (>= 0.3.5)
      ripl-multi_line (>= 0.2.4)
      ripl-rack (>= 0.2.0)
      sinatra (>= 1.2.1)
    unicorn (4.9.0)
      kgio (~> 2.6)
      rack
      raindrops (~> 0.7)

PLATFORMS
  ruby

DEPENDENCIES
  bundler
  gemnasium-parser!
  oj
  sinatra
  tux
  unicorn

BUNDLED WITH
   1.10.6
